GEM
  remote: https://rubygems.org/
  specs:
    coderay (1.1.0)
    mecab (0.996)
    method_source (0.8.2)
    pry (0.10.1)
      coderay (~> 1.1.0)
      method_source (~> 0.8.1)
      slop (~> 3.4)
    rake (10.4.0)
    slop (3.6.0)

PLATFORMS
  ruby

DEPENDENCIES
  mecab (= 0.996)
  pry
  rake
